GEM
  remote: http://rubygems.org/
  specs:
    celerity (0.8.7)
    coffee-script (2.1.2)
      coffee-script-source
    coffee-script-source (1.0.1)
    json (1.4.6)
    json (1.4.6-java)

PLATFORMS
  java
  ruby

DEPENDENCIES
  celerity
  coffee-script
  json
